PATH
  remote: .
  specs:
    travis-lock (0.1.1)

GEM
  remote: https://rubygems.org/
  specs:
    activemodel (4.2.10)
      activesupport (= 4.2.10)
      builder (~> 3.1)
    activerecord (4.2.10)
      activemodel (= 4.2.10)
      activesupport (= 4.2.10)
      arel (~> 6.0)
    activesupport (4.2.10)
      i18n (~> 0.7)
      minitest (~> 5.1)
      thread_safe (~> 0.3, >= 0.3.4)
      tzinfo (~> 1.1)
    arel (6.0.4)
    builder (3.2.3)
    concurrent-ruby (1.1.3)
    diff-lcs (1.2.5)
    i18n (0.9.5)
      concurrent-ruby (~> 1.0)
    metaclass (0.0.4)
    minitest (5.11.3)
    mocha (1.1.0)
      metaclass (~> 0.0.1)
    pg (0.18.3)
    redis (3.2.1)
    redlock (0.1.1)
      redis (~> 3, >= 3.0.5)
    rspec (3.3.0)
      rspec-core (~> 3.3.0)
      rspec-expectations (~> 3.3.0)
      rspec-mocks (~> 3.3.0)
    rspec-core (3.3.2)
      rspec-support (~> 3.3.0)
    rspec-expectations (3.3.1)
      diff-lcs (>= 1.2.0, < 2.0)
      rspec-support (~> 3.3.0)
    rspec-mocks (3.3.2)
      diff-lcs (>= 1.2.0, < 2.0)
      rspec-support (~> 3.3.0)
    rspec-support (3.3.0)
    thread_safe (0.3.6)
    tzinfo (1.2.5)
      thread_safe (~> 0.1)

PLATFORMS
  ruby

DEPENDENCIES
  activerecord (~> 4.2)
  mocha (~> 1.1)
  pg
  redlock
  rspec (~> 3.0)
  travis-lock!

BUNDLED WITH
   1.16.3
